GEM
  remote: https://rubygems.org/
  specs:
    activemodel (4.1.10)
      activesupport (= 4.1.10)
      builder (~> 3.1)
    activerecord (4.1.10)
      activemodel (= 4.1.10)
      activesupport (= 4.1.10)
      arel (~> 5.0.0)
    activerecord-jdbc-adapter (1.3.17)
      activerecord (>= 2.2)
    activerecord-jdbch2-adapter (1.3.17)
      activerecord-jdbc-adapter (~> 1.3.17)
      jdbc-h2 (~> 1.3)
    activerecord-jdbcsqlite3-adapter (1.3.17)
      activerecord-jdbc-adapter (~> 1.3.17)
      jdbc-sqlite3 (>= 3.7.2, < 3.9)
    activesupport (4.1.10)
      i18n (~> 0.6, >= 0.6.9)
      json (~> 1.7, >= 1.7.7)
      minitest (~> 5.1)
      thread_safe (~> 0.1)
      tzinfo (~> 1.1)
    arel (5.0.1.20140414130214)
    builder (3.2.3)
    diff-lcs (1.3)
    haml (5.0.1)
      temple (>= 0.8.0)
      tilt
    i18n (0.8.6)
    jdbc-h2 (1.4.187)
    jdbc-sqlite3 (3.8.11.2)
    json (1.8.6-java)
    log4jruby (2.0.1-java)
    minitest (5.10.2)
    nokogiri (1.8.0-java)
    rake (12.0.0)
    rspec (3.6.0)
      rspec-core (~> 3.6.0)
      rspec-expectations (~> 3.6.0)
      rspec-mocks (~> 3.6.0)
    rspec-core (3.6.0)
      rspec-support (~> 3.6.0)
    rspec-expectations (3.6.0)
      diff-lcs (>= 1.2.0, < 2.0)
      rspec-support (~> 3.6.0)
    rspec-mocks (3.6.0)
      diff-lcs (>= 1.2.0, < 2.0)
      rspec-support (~> 3.6.0)
    rspec-support (3.6.0)
    temple (0.8.0)
    thread_safe (0.3.6-java)
    tilt (2.0.7)
    tzinfo (1.2.3)
      thread_safe (~> 0.1)

PLATFORMS
  java

DEPENDENCIES
  activemodel (= 4.1.10)
  activerecord (= 4.1.10)
  activerecord-jdbc-adapter (= 1.3.17)
  activerecord-jdbch2-adapter (= 1.3.17)
  activerecord-jdbcsqlite3-adapter (= 1.3.17)
  haml
  jdbc-h2 (= 1.4.187)
  log4jruby
  nokogiri
  rake
  rspec

BUNDLED WITH
   1.15.1
