GEM
  remote: https://rubygems.org/
  specs:
    activemodel (4.1.10)
      activesupport (= 4.1.10)
      builder (~> 3.1)
    activerecord (4.1.10)
      activemodel (= 4.1.10)
      activesupport (= 4.1.10)
      arel (~> 5.0.0)
    activerecord-jdbc-adapter (1.3.17)
      activerecord (>= 2.2)
    activerecord-jdbch2-adapter (1.3.17)
      activerecord-jdbc-adapter (~> 1.3.17)
      jdbc-h2 (~> 1.3)
    activerecord-jdbcsqlite3-adapter (1.3.17)
      activerecord-jdbc-adapter (~> 1.3.17)
      jdbc-sqlite3 (>= 3.7.2, < 3.9)
    activesupport (4.1.10)
      i18n (~> 0.6, >= 0.6.9)
      json (~> 1.7, >= 1.7.7)
      minitest (~> 5.1)
      thread_safe (~> 0.1)
      tzinfo (~> 1.1)
    arel (5.0.1.20140414130214)
    builder (3.2.3)
    diff-lcs (1.3)
    domain_name (0.5.20170404)
      unf (>= 0.0.5, < 1.0.0)
    haml (5.0.1)
      temple (>= 0.8.0)
      tilt
    http-cookie (1.0.3)
      domain_name (~> 0.5)
    i18n (0.8.6)
    jdbc-h2 (1.4.187)
    jdbc-sqlite3 (3.8.11.2)
    json (1.8.6-java)
    logger (1.2.8)
    mime-types (3.1)
      mime-types-data (~> 3.2015)
    mime-types-data (3.2016.0521)
    minitest (5.10.2)
    netrc (0.11.0)
    nokogiri (1.8.0-java)
    rake (12.0.0)
    rest-client (2.0.2)
      http-cookie (>= 1.0.2, < 2.0)
      mime-types (>= 1.16, < 4.0)
      netrc (~> 0.8)
    rspec (3.6.0)
      rspec-core (~> 3.6.0)
      rspec-expectations (~> 3.6.0)
      rspec-mocks (~> 3.6.0)
    rspec-core (3.6.0)
      rspec-support (~> 3.6.0)
    rspec-expectations (3.6.0)
      diff-lcs (>= 1.2.0, < 2.0)
      rspec-support (~> 3.6.0)
    rspec-mocks (3.6.0)
      diff-lcs (>= 1.2.0, < 2.0)
      rspec-support (~> 3.6.0)
    rspec-support (3.6.0)
    temple (0.8.0)
    thread_safe (0.3.6-java)
    tilt (2.0.7)
    tzinfo (1.2.3)
      thread_safe (~> 0.1)
    unf (0.1.4-java)

PLATFORMS
  java

DEPENDENCIES
  activemodel (= 4.1.10)
  activerecord (= 4.1.10)
  activerecord-jdbc-adapter (= 1.3.17)
  activerecord-jdbch2-adapter (= 1.3.17)
  activerecord-jdbcsqlite3-adapter (= 1.3.17)
  haml
  jdbc-h2 (= 1.4.187)
  json
  logger
  nokogiri
  rake
  rest-client
  rspec

BUNDLED WITH
   1.15.1
